PATH
  remote: .
  specs:
    mn_model (0.0.1)
      activerecord (= 4.0.0.beta1)
      pg

GEM
  remote: https://rubygems.org/
  specs:
    activemodel (4.0.0.beta1)
      activesupport (= 4.0.0.beta1)
      builder (~> 3.1.0)
    activerecord (4.0.0.beta1)
      activemodel (= 4.0.0.beta1)
      activerecord-deprecated_finders (~> 0.0.3)
      activesupport (= 4.0.0.beta1)
      arel (~> 4.0.0.beta1)
    activerecord-deprecated_finders (0.0.3)
    activesupport (4.0.0.beta1)
      i18n (~> 0.6.2)
      minitest (~> 4.2)
      multi_json (~> 1.3)
      thread_safe (~> 0.1)
      tzinfo (~> 0.3.33)
    arel (4.0.0)
    atomic (1.1.8)
    builder (3.1.4)
    coderay (1.0.9)
    ffi (1.7.0)
    formatador (0.2.4)
    guard (1.7.0)
      formatador (>= 0.2.4)
      listen (>= 0.6.0)
      lumberjack (>= 1.0.2)
      pry (>= 0.9.10)
      thor (>= 0.14.6)
    guard-minitest (0.5.0)
      guard (>= 0.4)
    i18n (0.6.4)
    listen (0.7.3)
    lumberjack (1.0.3)
    method_source (0.8.1)
    minitest (4.7.2)
    multi_json (1.7.2)
    pg (0.15.1)
    pry (0.9.12)
      coderay (~> 1.0.5)
      method_source (~> 0.8)
      slop (~> 3.4)
    rake (10.0.4)
    rb-inotify (0.9.0)
      ffi (>= 0.5.0)
    slop (3.4.4)
    thor (0.18.1)
    thread_safe (0.1.0)
      atomic
    tzinfo (0.3.37)

PLATFORMS
  ruby

DEPENDENCIES
  bundler
  guard-minitest
  mn_model!
  pry
  rake
  rb-inotify
